GEM
  remote: https://rubygems.org/
  specs:
    opentok (0.0.92)
    rack (1.5.2)
    rack-protection (1.5.0)
      rack
    sinatra (1.4.3)
      rack (~> 1.4)
      rack-protection (~> 1.4)
      tilt (~> 1.3, >= 1.3.4)
    tilt (1.4.1)

PLATFORMS
  ruby

DEPENDENCIES
  opentok (= 0.0.92)
  sinatra (= 1.4.3)
